GEM
  remote: https://rubygems.org/
  specs:
    bson (1.12.0)
    mongo (1.12.0)
      bson (= 1.12.0)

PLATFORMS
  ruby

DEPENDENCIES
  mongo
